GEM
  remote: http://rubygems.org/
  specs:
    activesupport (3.2.2)
      i18n (~> 0.6)
      multi_json (~> 1.0)
    httparty (0.8.1)
      multi_json
      multi_xml
    i18n (0.6.0)
    id3lib-ruby (0.6.0)
    lastfm (1.3.0)
      activesupport (>= 3.0.3)
      httparty
      xml-simple
    multi_json (1.1.0)
    multi_xml (0.4.1)
    nokogiri (1.5.0)
    plist (3.1.0)
    rr (1.0.4)
    xml-simple (1.1.1)

PLATFORMS
  ruby

DEPENDENCIES
  id3lib-ruby
  lastfm
  nokogiri
  plist
  rr
